GEM
  remote: https://rubygems.org/
  specs:
    arrayfields (4.9.2)
    ast (2.0.0)
    chronic (0.10.2)
    fattr (2.2.2)
    main (6.1.0)
      arrayfields (>= 4.7.4)
      chronic (>= 0.6.2)
      fattr (>= 2.2.0)
      map (>= 5.1.0)
    map (6.5.5)
    parser (2.1.9)
      ast (>= 1.1, < 3.0)
      slop (~> 3.4, >= 3.4.5)
    slop (3.6.0)

PLATFORMS
  ruby

DEPENDENCIES
  main
  parser
